GIT
  remote: https://github.com/capistrano/rvm.git
  revision: 9cfef39cf0022839dca6b5b330dfefeb5fc363e7
  specs:
    capistrano-rvm (0.1.2)
      capistrano (~> 3.0)
      sshkit (~> 1.2)

GEM
  remote: https://rubygems.org/
  specs:
    actioncable (5.2.4.2)
      actionpack (= 5.2.4.2)
      nio4r (~> 2.0)
      websocket-driver (>= 0.6.1)
    actionmailer (5.2.4.2)
      actionpack (= 5.2.4.2)
      actionview (= 5.2.4.2)
      activejob (= 5.2.4.2)
      mail (~> 2.5, >= 2.5.4)
      rails-dom-testing (~> 2.0)
    actionpack (5.2.4.2)
      actionview (= 5.2.4.2)
      activesupport (= 5.2.4.2)
      rack (~> 2.0, >= 2.0.8)
      rack-test (>= 0.6.3)
      rails-dom-testing (~> 2.0)
      rails-html-sanitizer (~> 1.0, >= 1.0.2)
    actionview (5.2.4.2)
      activesupport (= 5.2.4.2)
      builder (~> 3.1)
      erubi (~> 1.4)
      rails-dom-testing (~> 2.0)
      rails-html-sanitizer (~> 1.0, >= 1.0.3)
    activejob (5.2.4.2)
      activesupport (= 5.2.4.2)
      globalid (>= 0.3.6)
    activemodel (5.2.4.2)
      activesupport (= 5.2.4.2)
    activerecord (5.2.4.2)
      activemodel (= 5.2.4.2)
      activesupport (= 5.2.4.2)
      arel (>= 9.0)
    activestorage (5.2.4.2)
      actionpack (= 5.2.4.2)
      activerecord (= 5.2.4.2)
      marcel (~> 0.3.1)
    activesupport (5.2.4.2)
      concurrent-ruby (~> 1.0, >= 1.0.2)
      i18n (>= 0.7, < 2)
      minitest (~> 5.1)
      tzinfo (~> 1.1)
    addressable (2.6.0)
      public_suffix (>= 2.0.2, < 4.0)
    airbrussh (1.3.1)
      sshkit (>= 1.6.1, != 1.7.0)
    arel (9.0.0)
    ast (2.4.0)
    autoprefixer-rails (9.5.1)
      execjs
    bcrypt (3.1.13)
    bootsnap (1.4.4)
      msgpack (~> 1.0)
    bootstrap (4.3.1)
      autoprefixer-rails (>= 9.1.0)
      popper_js (>= 1.14.3, < 2)
      sassc-rails (>= 2.0.0)
    bootswatch (4.3.1)
      autoprefixer-rails (>= 6.0.3)
    builder (3.2.4)
    bundler-audit (0.6.1)
      bundler (>= 1.2.0, < 3)
      thor (~> 0.18)
    byebug (11.0.1)
    capistrano (3.11.0)
      airbrussh (>= 1.0.0)
      i18n
      rake (>= 10.0.0)
      sshkit (>= 1.9.0)
    capistrano-bundler (1.5.0)
      capistrano (~> 3.1)
    capistrano-rails (1.4.0)
      capistrano (~> 3.1)
      capistrano-bundler (~> 1.1)
    capistrano-scm-copy (0.7.0)
      capistrano (~> 3.0)
    capybara (3.18.0)
      addressable
      mini_mime (>= 0.1.3)
      nokogiri (~> 1.8)
      rack (>= 1.6.0)
      rack-test (>= 0.6.3)
      regexp_parser (~> 1.2)
      xpath (~> 3.2)
    climate_control (0.2.0)
    cliver (0.3.2)
    cocoon (1.2.12)
    coderay (1.1.2)
    concurrent-ruby (1.1.6)
    crack (0.4.3)
      safe_yaml (~> 1.0.0)
    crass (1.0.6)
    database_cleaner (1.7.0)
    devise (4.7.1)
      bcrypt (~> 3.0)
      orm_adapter (~> 0.1)
      railties (>= 4.1.0)
      responders
      warden (~> 1.2.3)
    diff-lcs (1.3)
    docile (1.3.1)
    erubi (1.9.0)
    execjs (2.7.0)
    fabrication (2.20.2)
    faker (1.9.3)
      i18n (>= 0.7)
    ffi (1.10.0)
    font-awesome-sass (4.7.0)
      sass (>= 3.2)
    fuubar (2.3.2)
      rspec-core (~> 3.0)
      ruby-progressbar (~> 1.4)
    globalid (0.4.2)
      activesupport (>= 4.2.0)
    hashdiff (0.3.9)
    i18n (1.8.2)
      concurrent-ruby (~> 1.0)
    jaro_winkler (1.5.1)
    jquery-rails (4.3.3)
      rails-dom-testing (>= 1, < 3)
      railties (>= 4.2.0)
      thor (>= 0.14, < 2.0)
    jquery-ui-rails (6.0.1)
      railties (>= 3.2.16)
    json (2.3.0)
    listen (3.1.5)
      rb-fsevent (~> 0.9, >= 0.9.4)
      rb-inotify (~> 0.9, >= 0.9.7)
      ruby_dep (~> 1.2)
    loofah (2.4.0)
      crass (~> 1.0.2)
      nokogiri (>= 1.5.9)
    mail (2.7.1)
      mini_mime (>= 0.1.1)
    marcel (0.3.3)
      mimemagic (~> 0.3.2)
    method_source (0.9.2)
    mime-types (3.2.2)
      mime-types-data (~> 3.2015)
    mime-types-data (3.2019.0331)
    mimemagic (0.3.4)
    mini_mime (1.0.2)
    mini_portile2 (2.4.0)
    minitest (5.14.0)
    msgpack (1.2.10)
    net-scp (2.0.0)
      net-ssh (>= 2.6.5, < 6.0.0)
    net-ssh (5.2.0)
    nio4r (2.5.2)
    nokogiri (1.10.9)
      mini_portile2 (~> 2.4.0)
    orm_adapter (0.5.0)
    paperclip (6.0.0)
      activemodel (>= 4.2.0)
      activesupport (>= 4.2.0)
      mime-types
      mimemagic (~> 0.3.0)
      terrapin (~> 0.6.0)
    parallel (1.12.1)
    parser (2.5.1.0)
      ast (~> 2.4.0)
    poltergeist (1.18.1)
      capybara (>= 2.1, < 4)
      cliver (~> 0.3.1)
      websocket-driver (>= 0.2.0)
    popper_js (1.14.5)
    power_assert (1.1.4)
    powerpack (0.1.2)
    pry (0.12.2)
      coderay (~> 1.1.0)
      method_source (~> 0.9.0)
    public_suffix (3.0.3)
    puma (3.12.4)
    rack (2.2.2)
    rack-test (1.1.0)
      rack (>= 1.0, < 3)
    rails (5.2.4.2)
      actioncable (= 5.2.4.2)
      actionmailer (= 5.2.4.2)
      actionpack (= 5.2.4.2)
      actionview (= 5.2.4.2)
      activejob (= 5.2.4.2)
      activemodel (= 5.2.4.2)
      activerecord (= 5.2.4.2)
      activestorage (= 5.2.4.2)
      activesupport (= 5.2.4.2)
      bundler (>= 1.3.0)
      railties (= 5.2.4.2)
      sprockets-rails (>= 2.0.0)
    rails-dom-testing (2.0.3)
      activesupport (>= 4.2.0)
      nokogiri (>= 1.6)
    rails-html-sanitizer (1.3.0)
      loofah (~> 2.3)
    railties (5.2.4.2)
      actionpack (= 5.2.4.2)
      activesupport (= 5.2.4.2)
      method_source
      rake (>= 0.8.7)
      thor (>= 0.19.0, < 2.0)
    rainbow (3.0.0)
    rake (13.0.1)
    rb-fsevent (0.10.3)
    rb-inotify (0.10.0)
      ffi (~> 1.0)
    regexp_parser (1.4.0)
    responders (3.0.0)
      actionpack (>= 5.0)
      railties (>= 5.0)
    rspec (3.8.0)
      rspec-core (~> 3.8.0)
      rspec-expectations (~> 3.8.0)
      rspec-mocks (~> 3.8.0)
    rspec-core (3.8.0)
      rspec-support (~> 3.8.0)
    rspec-expectations (3.8.3)
      diff-lcs (>= 1.2.0, < 2.0)
      rspec-support (~> 3.8.0)
    rspec-mocks (3.8.0)
      diff-lcs (>= 1.2.0, < 2.0)
      rspec-support (~> 3.8.0)
    rspec-rails (3.8.2)
      actionpack (>= 3.0)
      activesupport (>= 3.0)
      railties (>= 3.0)
      rspec-core (~> 3.8.0)
      rspec-expectations (~> 3.8.0)
      rspec-mocks (~> 3.8.0)
      rspec-support (~> 3.8.0)
    rspec-support (3.8.0)
    rubocop (0.57.2)
      jaro_winkler (~> 1.5.1)
      parallel (~> 1.10)
      parser (>= 2.5)
      powerpack (~> 0.1)
      rainbow (>= 2.2.2, < 4.0)
      ruby-progressbar (~> 1.7)
      unicode-display_width (~> 1.0, >= 1.0.1)
    ruby-progressbar (1.10.0)
    ruby_dep (1.5.0)
    safe_yaml (1.0.5)
    sass (3.7.4)
      sass-listen (~> 4.0.0)
    sass-listen (4.0.0)
      rb-fsevent (~> 0.9, >= 0.9.4)
      rb-inotify (~> 0.9, >= 0.9.7)
    sass-rails (5.0.7)
      railties (>= 4.0.0, < 6)
      sass (~> 3.1)
      sprockets (>= 2.8, < 4.0)
      sprockets-rails (>= 2.0, < 4.0)
      tilt (>= 1.1, < 3)
    sassc (2.0.1)
      ffi (~> 1.9)
      rake
    sassc-rails (2.1.1)
      railties (>= 4.0.0)
      sassc (>= 2.0)
      sprockets (> 3.0)
      sprockets-rails
      tilt
    simple_form (5.0.1)
      actionpack (>= 5.0)
      activemodel (>= 5.0)
    simplecov (0.16.1)
      docile (~> 1.1)
      json (>= 1.8, < 3)
      simplecov-html (~> 0.10.0)
    simplecov-html (0.10.2)
    slim (4.0.1)
      temple (>= 0.7.6, < 0.9)
      tilt (>= 2.0.6, < 2.1)
    slim-rails (3.2.0)
      actionpack (>= 3.1)
      railties (>= 3.1)
      slim (>= 3.0, < 5.0)
    spring (2.0.2)
      activesupport (>= 4.2)
    sprockets (3.7.2)
      concurrent-ruby (~> 1.0)
      rack (> 1, < 3)
    sprockets-rails (3.2.1)
      actionpack (>= 4.0)
      activesupport (>= 4.0)
      sprockets (>= 3.0.0)
    sqlite3 (1.4.0)
    sshkit (1.18.2)
      net-scp (>= 1.1.2)
      net-ssh (>= 2.8.0)
    temple (0.8.1)
    terrapin (0.6.0)
      climate_control (>= 0.0.3, < 1.0)
    test-unit (3.3.2)
      power_assert
    thor (0.20.3)
    thread_safe (0.3.6)
    tilt (2.0.9)
    timecop (0.9.1)
    turbolinks (5.2.0)
      turbolinks-source (~> 5.2)
    turbolinks-source (5.2.0)
    tzinfo (1.2.6)
      thread_safe (~> 0.1)
    uglifier (4.1.20)
      execjs (>= 0.3.0, < 3)
    unicode-display_width (1.4.0)
    validate_url (1.0.8)
      activemodel (>= 3.0.0)
      public_suffix
    vcr (4.0.0)
    warden (1.2.8)
      rack (>= 2.0.6)
    webmock (3.5.1)
      addressable (>= 2.3.6)
      crack (>= 0.3.2)
      hashdiff
    websocket-driver (0.7.1)
      websocket-extensions (>= 0.1.0)
    websocket-extensions (0.1.4)
    wicked_pdf (1.4.0)
      activesupport
    will_paginate (3.1.7)
    will_paginate-bootstrap4 (0.2.2)
      will_paginate (~> 3.0, >= 3.0.0)
    wkhtmltopdf-binary (0.12.4)
    xpath (3.2.0)
      nokogiri (~> 1.8)

PLATFORMS
  ruby

DEPENDENCIES
  bootsnap (>= 1.1.0)
  bootstrap
  bootswatch
  bundler-audit
  byebug
  capistrano (~> 3.10)
  capistrano-rails (~> 1.4)
  capistrano-rvm!
  capistrano-scm-copy
  capybara
  cocoon
  database_cleaner
  devise
  fabrication
  faker
  font-awesome-sass (~> 4.7.0)
  fuubar
  jquery-rails
  jquery-ui-rails
  listen
  minitest
  paperclip (~> 6.0.0)
  poltergeist
  pry
  puma (~> 3.11)
  rails (~> 5.2.2)
  rspec
  rspec-core
  rspec-rails
  rubocop
  sass-rails (~> 5.0)
  simple_form
  simplecov
  slim-rails
  spring
  sqlite3
  test-unit
  timecop
  turbolinks (~> 5)
  uglifier (>= 1.3.0)
  validate_url
  vcr
  webmock
  wicked_pdf
  will_paginate
  will_paginate-bootstrap4
  wkhtmltopdf-binary

RUBY VERSION
   ruby 2.5.1p57

BUNDLED WITH
   1.16.6
